GEM
  remote: http://rubygems.org/
  specs:
    SystemTimer (1.2)
    addressable (2.2.2)
    archive-tar-minitar (0.5.2)
    backports (1.18.2)
    columnize (0.3.2)
    linecache (0.43)
    linecache19 (0.5.11)
      ruby_core_source (>= 0.1.4)
    nokogiri (1.4.4)
    rack (1.2.1)
    rack-flash (0.1.1)
      rack
    rack-test (0.5.6)
      rack (>= 1.0)
    redis (2.0.10)
    ruby-debug (0.10.4)
      columnize (>= 0.1)
      ruby-debug-base (~> 0.10.4.0)
    ruby-debug-base (0.10.4)
      linecache (>= 0.3)
    ruby-debug-base19 (0.11.24)
      columnize (>= 0.3.1)
      linecache19 (>= 0.5.11)
      ruby_core_source (>= 0.1.4)
    ruby-debug19 (0.11.6)
      columnize (>= 0.3.1)
      linecache19 (>= 0.5.11)
      ruby-debug-base19 (>= 0.11.19)
    ruby_core_source (0.1.4)
      archive-tar-minitar (>= 0.5.2)
    shotgun (0.8)
      rack (>= 1.0)
    shoulda (2.11.3)
    sinatra (1.1.0)
      rack (~> 1.1)
      tilt (~> 1.1)
    tilt (1.1)
    webrat (0.7.1)
      nokogiri (>= 1.2.0)
      rack (>= 1.0)
      rack-test (>= 0.5.3)

PLATFORMS
  ruby

DEPENDENCIES
  SystemTimer (~> 1.2)
  addressable (~> 2.2.2)
  backports
  nokogiri (~> 1.4.4)
  rack (~> 1.2.0)
  rack-flash
  redis (~> 2.0)
  ruby-debug
  ruby-debug19
  shotgun
  shoulda
  sinatra (= 1.1)
  webrat
