GEM
  remote: http://rubygems.org/
  specs:
    SystemTimer (1.2)
    addressable (2.1.2)
    columnize (0.3.1)
    haml (3.0.18)
    linecache (0.43)
    mime-types (1.16)
    nokogiri (1.4.3.1)
    rack (1.2.1)
    rack-flash (0.1.1)
      rack
    rack-test (0.5.6)
      rack (>= 1.0)
    redis (2.0.10)
    rest-client (1.6.1)
      mime-types (>= 1.16)
    rr (1.0.2)
    ruby-debug (0.10.3)
      columnize (>= 0.1)
      ruby-debug-base (~> 0.10.3.0)
    ruby-debug-base (0.10.3)
      linecache (>= 0.3)
    shotgun (0.8)
      rack (>= 1.0)
    shoulda (2.11.3)
    sinatra (1.1.0)
      rack (~> 1.1)
      tilt (~> 1.1)
    tilt (1.1)
    webrat (0.7.1)
      nokogiri (>= 1.2.0)
      rack (>= 1.0)
      rack-test (>= 0.5.3)

PLATFORMS
  ruby

DEPENDENCIES
  SystemTimer (= 1.2)
  addressable (~> 2.1.2)
  haml (~> 3.0.18)
  nokogiri (~> 1.4.0)
  rack (~> 1.2.0)
  rack-flash
  redis (~> 2.0)
  rest-client
  rr
  ruby-debug
  shotgun
  shoulda
  sinatra (= 1.1)
  webrat
